PATH
  remote: .
  specs:
    runssh (0.2.2.dev)
      highline (~> 1.6.1)
      trollop (~> 1.16.2)

GEM
  remote: http://rubygems.org/
  specs:
    ZenTest (4.4.2)
    autotest (4.4.6)
      ZenTest (>= 4.4.1)
    autotest-fsevent (0.2.4)
      sys-uname
    autotest-growl (0.2.9)
    diff-lcs (1.1.2)
    highline (1.6.1)
    rspec (2.1.0)
      rspec-core (~> 2.1.0)
      rspec-expectations (~> 2.1.0)
      rspec-mocks (~> 2.1.0)
    rspec-core (2.1.0)
    rspec-expectations (2.1.0)
      diff-lcs (~> 1.1.2)
    rspec-mocks (2.1.0)
    simplecov (0.3.9)
      simplecov-html (>= 0.3.7)
    simplecov-html (0.3.9)
    sys-uname (0.8.5)
    trollop (1.16.2)

PLATFORMS
  ruby

DEPENDENCIES
  autotest (= 4.4.6)
  autotest-fsevent (= 0.2.4)
  autotest-growl (= 0.2.9)
  highline (~> 1.6.1)
  rspec (~> 2.1.0)
  runssh!
  simplecov (~> 0.3.9)
  trollop (~> 1.16.2)
