PATH
  remote: .
  specs:
    runssh (0.2.1)
      highline (~> 1.6.1)
      trollop (~> 1.16.2)

GEM
  remote: http://rubygems.org/
  specs:
    ZenTest (4.4.2)
    autotest (4.4.6)
      ZenTest (>= 4.4.1)
    autotest-fsevent (0.2.4)
      sys-uname
    autotest-growl (0.2.9)
    diff-lcs (1.1.2)
    highline (1.6.1)
    rcov (0.9.9)
    rspec (2.1.0)
      rspec-core (~> 2.1.0)
      rspec-expectations (~> 2.1.0)
      rspec-mocks (~> 2.1.0)
    rspec-core (2.1.0)
    rspec-expectations (2.1.0)
      diff-lcs (~> 1.1.2)
    rspec-mocks (2.1.0)
    sys-uname (0.8.5)
    trollop (1.16.2)

PLATFORMS
  ruby

DEPENDENCIES
  autotest (~> 4.4.4)
  autotest-fsevent (~> 0.2.3)
  autotest-growl (~> 0.2.6)
  highline (~> 1.6.1)
  rcov (~> 0.9.9)
  rspec (~> 2.1.0)
  runssh!
  trollop (~> 1.16.2)
